GEM
  remote: https://rubygems.org/
  specs:
    awesome_print (1.9.2)
    cgi (0.4.1)
    concurrent-ruby (1.2.3)
    erb (4.0.4)
      cgi (>= 0.3.3)
    ffaker (2.23.0)

PLATFORMS
  ruby
  x86_64-linux

DEPENDENCIES
  awesome_print
  concurrent-ruby
  erb
  ffaker

BUNDLED WITH
   2.5.6
