GEM
  remote: https://rubygems.org/
  specs:
    awesome_print (1.9.2)
    concurrent-ruby (1.2.3)
    ffaker (2.23.0)

PLATFORMS
  ruby
  x86_64-linux

DEPENDENCIES
  awesome_print
  concurrent-ruby
  ffaker

BUNDLED WITH
   2.5.6
