GEM
  remote: https://rubygems.org/
  specs:
    awesome_print (1.9.2)
    cgi (0.4.1)
    concurrent-ruby (1.2.3)
    diff-lcs (1.5.1)
    erb (4.0.4)
      cgi (>= 0.3.3)
    ffaker (2.23.0)
    parallel (1.24.0)
    rspec (3.13.0)
      rspec-core (~> 3.13.0)
      rspec-expectations (~> 3.13.0)
      rspec-mocks (~> 3.13.0)
    rspec-core (3.13.0)
      rspec-support (~> 3.13.0)
    rspec-expectations (3.13.0)
      diff-lcs (>= 1.2.0, < 2.0)
      rspec-support (~> 3.13.0)
    rspec-mocks (3.13.0)
      diff-lcs (>= 1.2.0, < 2.0)
      rspec-support (~> 3.13.0)
    rspec-support (3.13.1)

PLATFORMS
  ruby
  x86_64-linux

DEPENDENCIES
  awesome_print
  concurrent-ruby
  erb
  ffaker
  parallel
  rspec

BUNDLED WITH
   2.5.6
